GEM
  remote: http://rubygems.org/
  specs:
    coffee-script (2.2.0)
      coffee-script-source
      execjs
    coffee-script-source (1.1.1)
    daemons (1.1.4)
    eventmachine (0.12.10)
    execjs (1.2.0)
      multi_json (~> 1.0)
    json (1.5.3)
    multi_json (1.0.3)
    rack (1.3.0)
    rack-protection (1.1.4)
      rack
    redis (2.2.1)
    sinatra (1.3.0)
      rack (~> 1.3)
      rack-protection (~> 1.1)
      tilt (~> 1.3)
    stylus (0.2.0)
      execjs
    thin (1.2.11)
      daemons (>= 1.0.9)
      eventmachine (>= 0.12.6)
      rack (>= 1.0.0)
    tilt (1.3.3)
    trollop (1.16.2)

PLATFORMS
  ruby

DEPENDENCIES
  coffee-script
  json
  redis
  sinatra (>= 1.3.0)
  stylus
  thin
  trollop
